GEM
  remote: https://rubygems.org/
  specs:
    hipchat-api (1.0.6)
      httparty
    httparty (0.14.0)
      multi_xml (>= 0.5.2)
    multi_xml (0.6.0)

PLATFORMS
  ruby

DEPENDENCIES
  hipchat-api
